GEM
  remote: https://rubygems.org/
  specs:
    commonjs (0.2.6)
    json (1.7.7)
    less (2.2.1)
      commonjs (~> 0.2.6)
    libv8 (3.3.10.4)
    rack (1.5.2)
    rack-protection (1.5.0)
      rack
    redis (3.0.4)
    sinatra (1.4.3)
      rack (~> 1.4)
      rack-protection (~> 1.4)
      tilt (~> 1.3, >= 1.3.4)
    therubyracer (0.10.1)
      libv8 (~> 3.3.10)
    tilt (1.4.1)

PLATFORMS
  ruby

DEPENDENCIES
  json
  less
  rack
  redis
  sinatra
  therubyracer
