GEM
  remote: https://rubygems.org/
  specs:
    commonjs (0.2.6)
    faker (1.1.2)
      i18n (~> 0.5)
    i18n (0.6.1)
    json (1.7.7)
    less (2.2.1)
      commonjs (~> 0.2.6)
    libv8 (3.3.10.4)
    nest (1.1.2)
      redis
    ohm (1.3.2)
      nest (~> 1.0)
      redis
      scrivener (~> 0.0.3)
    rack (1.5.2)
    rack-protection (1.5.0)
      rack
    redis (3.0.4)
    scrivener (0.0.3)
    sinatra (1.4.3)
      rack (~> 1.4)
      rack-protection (~> 1.4)
      tilt (~> 1.3, >= 1.3.4)
    therubyracer (0.10.1)
      libv8 (~> 3.3.10)
    tilt (1.4.1)

PLATFORMS
  ruby

DEPENDENCIES
  faker
  json
  less
  ohm
  rack
  redis
  sinatra
  therubyracer
